GEM
  remote: http://rubygems.org/
  specs:
    face (0.0.5)
      json (>= 1.4.6)
      rest-client (>= 1.6.1)
    json (1.7.3)
    mime-types (1.18)
    rack (1.4.1)
    rack-protection (1.2.0)
      rack
    rest-client (1.6.7)
      mime-types (>= 1.16)
    sinatra (1.3.2)
      rack (~> 1.3, >= 1.3.6)
      rack-protection (~> 1.2)
      tilt (~> 1.3, >= 1.3.3)
    tilt (1.3.3)

PLATFORMS
  ruby

DEPENDENCIES
  face
  sinatra
